PATH
  remote: .
  specs:
    grape (0.1.5)
      hashie (~> 1.2)
      multi_json
      multi_xml
      rack
      rack-mount

GEM
  remote: http://rubygems.org/
  specs:
    coderay (1.0.0)
    diff-lcs (1.1.3)
    growl (1.0.3)
    guard (0.8.8)
      thor (~> 0.14.6)
    guard-bundler (0.1.3)
      bundler (>= 1.0.0)
      guard (>= 0.2.2)
    guard-rspec (0.5.1)
      guard (>= 0.8.4)
    hashie (1.2.0)
    maruku (0.6.0)
      syntax (>= 1.0.0)
    method_source (0.6.5)
      ruby_parser (>= 2.0.5)
    multi_json (1.0.3)
    multi_xml (0.4.1)
    pry (0.9.6)
      coderay (>= 0.9.8)
      method_source (>= 0.6.5)
      ruby_parser (>= 2.0.5)
      slop (~> 2.1.0)
    rack (1.3.5)
    rack-mount (0.8.3)
      rack (>= 1.0.0)
    rack-test (0.6.1)
      rack (>= 1.0)
    rake (0.9.2.2)
    rb-fsevent (0.4.3.1)
    rspec (2.7.0)
      rspec-core (~> 2.7.0)
      rspec-expectations (~> 2.7.0)
      rspec-mocks (~> 2.7.0)
    rspec-core (2.7.1)
    rspec-expectations (2.7.0)
      diff-lcs (~> 1.1.2)
    rspec-mocks (2.7.0)
    ruby_parser (2.3.1)
      sexp_processor (~> 3.0)
    sexp_processor (3.0.7)
    slop (2.1.0)
    syntax (1.0.0)
    thor (0.14.6)
    yard (0.7.2)

PLATFORMS
  ruby

DEPENDENCIES
  bundler
  grape!
  growl
  guard
  guard-bundler
  guard-rspec
  maruku
  pry
  rack-test
  rake
  rb-fsevent
  rspec (~> 2.7.0)
  yard
